GIT
  remote: git://github.com/enspiral/radiant-settings.git
  revision: 205a0af20cd878259f2c7df42d40beadfde33c38
  specs:
    radiant-settings-extension (1.1.2)
      radiant (>= 0.9.1)

GIT
  remote: git://github.com/enspiral/radiant-share-layouts-extension.git
  revision: e62392e917839095da521f6ca4197e600e494cf1
  specs:
    radiant-layouts-extension (1.1.3)
      radiant (>= 0.9.1)

GIT
  remote: git://github.com/jdutil/backup.git
  revision: bca9ab8b05cfaf65e78f069264ca78f5b4231799
  specs:
    backup (3.0.24)
      open4 (~> 1.3.0)
      thor (~> 0.14.6)

GIT
  remote: git://github.com/jomz/radiant-reader-extension.git
  revision: 089e1ee730fc4f8d062a999efdecd12c22e431bf
  branch: with_rails_lts
  specs:
    radiant-reader-extension (3.0.38)
      ancestry (~> 1.2.4)
      authlogic (~> 2.1.6)
      color (>= 1.4.1)
      radiant-layouts-extension (~> 1.1.3)
      radiant-mailer_layouts-extension (~> 0.1.1)
      sanitize (~> 2.0.1)
      snail (~> 0.5.5)
      vcard (~> 0.2.0)

GIT
  remote: git://github.com/nzffa/radiant
  revision: d7e574a34a1d75e80abb01abb1650fb3356d058f
  branch: with_rails_lts
  specs:
    radiant (1.1.4)
      RedCloth (~> 4.2.0)
      acts_as_tree (~> 0.1.1)
      bigdecimal
      bundler (>= 1.0.0)
      compass (~> 0.12.2)
      compass-rails (~> 1.0.3)
      delocalize (~> 0.2.3)
      haml (~> 3.1.1)
      highline (~> 1.6.10)
      irb
      rack (~> 1.2)
      rack-cache (~> 1.3.1)
      radius (~> 0.7.3)
      rails (~> 2.3.18)
      rake (>= 0.8.7)
      rdoc (>= 3.9.2)
      stringex (~> 1.3.0)
      tzinfo (~> 0.3.31)
      will_paginate (~> 2.3.11)

GIT
  remote: git://github.com/nzffa/radiant-downloads-extension.git
  revision: 9a5bb38b1dd9d786f2f92e9901cab1b809a409ce
  specs:
    radiant-downloads-extension (0.6.0)
      paperclip (~> 2.7.0)

GIT
  remote: git://github.com/nzffa/radiant-forum-extension.git
  revision: 551860016c44264981f9e3e752cf814528165fa2
  branch: wackamole
  specs:
    radiant-forum-extension (3.0.6)
      acts_as_list (~> 0.1.2)
      radiant-reader-extension (~> 3.0.23)

GIT
  remote: git://github.com/nzffa/radiant-nzffa_conference-extension.git
  revision: cbe1e72b922ddd12d21a72bd69e69e1071d0d9c1
  specs:
    radiant-conference-extension (1.0.0)

GIT
  remote: git://github.com/nzffa/radiant-nzffa_marketplace-extension.git
  revision: 97b8a7f3adcc37319b7edecd22f8ba741f6ec9fd
  specs:
    radiant-marketplace-extension (1.0.1)
      spreadsheet

GIT
  remote: git://github.com/nzffa/radiant-page_reader_group_permissions-extension.git
  revision: f9809dd8121721befda98a2a17cfa21e1c826a98
  specs:
    radiant-page_reader_group_permissions-extension (1.1)
      radiant (>= 0.9.1)

GIT
  remote: git://github.com/nzffa/radiant-scheduler-extension
  revision: 5045d68d8a11df1fb6f95db8c1b741ee96782971
  branch: with_rails_lts
  specs:
    radiant-scheduler-extension (1.0.3)

GIT
  remote: git://github.com/nzffa/xero_gateway.git
  revision: 62480a93c07d340bef1e8e967cb7b4bcff08b0b0
  specs:
    xero_gateway (2.7.0)
      activesupport
      builder (>= 3.2.2)
      oauth (>= 0.3.6)

GIT
  remote: git://github.com/radiant/radiant-clipped-extension.git
  revision: f3417af074b4f72fdafe52ca8537b36caf85b85d
  branch: with_rails_lts
  specs:
    radiant-clipped-extension (1.1.3)
      acts_as_list (= 0.1.4)
      cocaine (~> 0.3.2)
      fog (= 1.24.0)
      fog-core (= 1.24.0)
      net-ssh (~> 2.9.0)
      paperclip (~> 2.7.0)
      uuidtools (~> 2.1.2)

GIT
  remote: https://github.com/makandra/rails.git
  revision: e53a9789b87375c15f494dc714d3c330f7a28021
  branch: 2-3-lts
  specs:
    actionmailer (2.3.18.37)
      actionpack (= 2.3.18.37)
    actionpack (2.3.18.37)
      activesupport (= 2.3.18.37)
      rack (< 1.5)
    activerecord (2.3.18.37)
      activesupport (= 2.3.18.37)
    activeresource (2.3.18.37)
      activesupport (= 2.3.18.37)
    activesupport (2.3.18.37)
    rails (2.3.18.37)
      actionmailer (= 2.3.18.37)
      actionpack (= 2.3.18.37)
      activerecord (= 2.3.18.37)
      activeresource (= 2.3.18.37)
      activesupport (= 2.3.18.37)
      railslts-version (= 2.3.18.37)
      railties (= 2.3.18.37)
    railslts-version (2.3.18.37)
    railties (2.3.18.37)
      actionpack (= 2.3.18.37)
      activesupport (= 2.3.18.37)
      rake (>= 0.8.3, < 11)

GIT
  remote: https://github.com/makandra/rspec-rails.git
  revision: 8bc8d0aa96308365abaeb3f6effa39f4da8a810f
  branch: 1-3-lts
  specs:
    rspec-rails (1.3.4)
      rack (>= 1.0.0)
      rspec (~> 1.3.1)

GIT
  remote: https://github.com/makandra/rspec.git
  revision: 692ab8326bb60b6784c4e0cc230bf87edcbafa43
  branch: 1-3-lts
  specs:
    rspec (1.3.2)

GEM
  remote: https://rubygems.org/
  specs:
    RedCloth (4.2.9)
    activerecord-mysql2-adapter (0.0.3)
      mysql2
    acts_as_list (0.1.4)
    acts_as_tree (0.1.1)
    airbrake (4.1.0)
      builder
      multi_json
    ancestry (1.2.5)
      activerecord (>= 2.2.2)
    authlogic (2.1.11)
      activerecord (~> 2.3.0)
      activesupport (~> 2.3.0)
    bigdecimal (3.0.2)
    builder (3.2.4)
    capistrano (2.14.2)
      highline
      net-scp (>= 1.0.0)
      net-sftp (>= 2.0.0)
      net-ssh (>= 2.0.14)
      net-ssh-gateway (>= 1.1.0)
    chronic (0.10.2)
    chunky_png (1.4.0)
    cocaine (0.3.2)
    coffee-script (2.2.0)
      coffee-script-source
      execjs
    coffee-script-source (1.12.2)
    color (1.8)
    compass (0.12.7)
      chunky_png (~> 1.2)
      fssm (>= 0.2.7)
      sass (~> 3.2.19)
    compass-rails (1.0.3)
      compass (>= 0.12.2, < 0.14)
    delocalize (0.2.6)
    dry-inflector (0.2.1)
    excon (0.85.0)
    execjs (2.0.0)
    faraday (1.5.1)
      faraday-em_http (~> 1.0)
      faraday-em_synchrony (~> 1.0)
      faraday-excon (~> 1.1)
      faraday-httpclient (~> 1.0.1)
      faraday-net_http (~> 1.0)
      faraday-net_http_persistent (~> 1.1)
      faraday-patron (~> 1.0)
      multipart-post (>= 1.2, < 3)
      ruby2_keywords (>= 0.0.4)
    faraday-em_http (1.0.0)
    faraday-em_synchrony (1.0.0)
    faraday-excon (1.1.0)
    faraday-httpclient (1.0.1)
    faraday-net_http (1.0.1)
    faraday-net_http_persistent (1.2.0)
    faraday-patron (1.0.0)
    fog (1.24.0)
      fog-brightbox
      fog-core (~> 1.23)
      fog-json
      fog-radosgw (>= 0.0.2)
      fog-sakuracloud (>= 0.0.4)
      fog-softlayer
      ipaddress (~> 0.5)
      nokogiri (~> 1.5, >= 1.5.11)
    fog-brightbox (0.16.1)
      dry-inflector
      fog-core
      fog-json
      mime-types
    fog-core (1.24.0)
      builder
      excon (~> 0.38)
      formatador (~> 0.2)
      mime-types
      net-scp (~> 1.1)
      net-ssh (>= 2.1.3)
    fog-json (1.0.1)
      fog-core (~> 1.0)
      multi_json (~> 1.0)
    fog-radosgw (0.0.5)
      fog-core (>= 1.21.0)
      fog-json
      fog-xml (>= 0.0.1)
    fog-sakuracloud (1.7.5)
      fog-core
      fog-json
    fog-softlayer (1.1.4)
      fog-core
      fog-json
    fog-xml (0.1.3)
      fog-core
      nokogiri (>= 1.5.11, < 2.0.0)
    formatador (0.3.0)
    fssm (0.2.10)
    haml (3.1.8)
    highline (1.6.21)
    hpricot (0.8.6)
    httparty (0.10.0)
      multi_json (~> 1.0)
      multi_xml
    io-console (0.5.9)
    ipaddress (0.8.3)
    irb (1.3.6)
      reline (>= 0.2.5)
    json (1.8.6)
    jwt (2.2.3)
    libv8 (3.16.14.19)
    mime-types (1.22)
    multi_json (1.3.7)
    multi_xml (0.6.0)
    multipart-post (2.1.1)
    mysql2 (0.5.3)
    net-scp (1.2.1)
      net-ssh (>= 2.6.5)
    net-sftp (2.1.2)
      net-ssh (>= 2.6.5)
    net-ssh (2.9.4)
    net-ssh-gateway (1.3.0)
      net-ssh (>= 2.6.5)
    nokogiri (1.5.11)
    oauth (0.5.5)
    oauth2 (1.4.7)
      faraday (>= 0.8, < 2.0)
      jwt (>= 1.0, < 3.0)
      multi_json (~> 1.3)
      multi_xml (~> 0.5)
      rack (>= 1.2, < 3)
    open4 (1.3.4)
    paperclip (2.7.5)
      activerecord (>= 2.3.0)
      activesupport (>= 2.3.2)
      cocaine (~> 0.3.0)
      mime-types
    parallel (0.5.21)
    rack (1.4.7)
    rack-cache (1.3.1)
      rack (>= 0.4)
    radiant-ck_editor_filter-extension (0.2.9)
    radiant-copy_move-extension (2.4.8)
      radiant (>= 1.0.0.rc2)
    radiant-find_by_id_tag-extension (1.2.3)
    radiant-find_replace-extension (1.0.6)
    radiant-grandchildren_tags-extension (1.0.0)
    radiant-html_tags-extension (1.0.0)
    radiant-if_date_tags-extension (1.0.2)
    radiant-if_id_tags-extension (1.0.0)
    radiant-linx-extension (1.0.0)
    radiant-mailer-extension (1.0.6)
    radiant-mailer_layouts-extension (0.1.1)
    radiant-navigation_tags-extension (0.2.7)
    radiant-relations-extension (1.2.8)
    radiant-reorder_children-extension (1.0.10)
    radiant-search-extension (1.0.0)
    radiant-sheets-extension (1.1.0)
      coffee-script (~> 2.2.0)
      sass (~> 3.2.1)
    radiant-snippets-extension (1.1.3)
    radius (0.7.5)
    rake (10.4.2)
    rdoc (4.2.0)
      json (~> 1.4)
    ref (1.0.5)
    reline (0.2.6)
      io-console (~> 0.5)
    rr (3.0.5)
    ruby-ole (1.2.12.2)
    ruby2_keywords (0.0.5)
    sanitize (2.0.3)
      nokogiri (>= 1.4.4, < 1.6)
    sass (3.2.19)
    snail (0.5.7)
    spreadsheet (1.2.9)
      ruby-ole
    stringex (1.3.3)
    therubyracer (0.12.3)
      libv8 (~> 3.16.14.15)
      ref
    thor (0.14.6)
    tzinfo (0.3.60)
    uuidtools (2.1.5)
    vcard (0.2.16)
    whenever (0.9.4)
      chronic (>= 0.6.3)
    will_paginate (2.3.17)

PLATFORMS
  ruby

DEPENDENCIES
  RedCloth (~> 4.2.9)
  actionmailer!
  actionpack!
  activerecord!
  activerecord-mysql2-adapter
  activeresource!
  activesupport!
  airbrake (= 4.1.0)
  backup!
  capistrano (~> 2.14.1)
  execjs (= 2.0.0)
  hpricot
  httparty (= 0.10.0)
  irb
  mime-types (= 1.22)
  multi_json (~> 1.3.0)
  mysql2 (~> 0.5.3)
  net-ssh (= 2.9.4)
  oauth (= 0.5.5)
  oauth2 (= 1.4.7)
  parallel (~> 0.5.12)
  radiant!
  radiant-ck_editor_filter-extension (~> 0.2.5)
  radiant-clipped-extension!
  radiant-conference-extension!
  radiant-copy_move-extension (~> 2.4.8)
  radiant-downloads-extension!
  radiant-find_by_id_tag-extension (~> 1.2.3)
  radiant-find_replace-extension (~> 1.0.6)
  radiant-forum-extension!
  radiant-grandchildren_tags-extension
  radiant-html_tags-extension
  radiant-if_date_tags-extension (~> 1.0.0)
  radiant-if_id_tags-extension
  radiant-layouts-extension!
  radiant-linx-extension
  radiant-mailer-extension
  radiant-marketplace-extension!
  radiant-navigation_tags-extension (~> 0.2.7)
  radiant-page_reader_group_permissions-extension!
  radiant-reader-extension!
  radiant-relations-extension
  radiant-reorder_children-extension
  radiant-scheduler-extension!
  radiant-search-extension
  radiant-settings-extension (~> 1.1.1)!
  radiant-sheets-extension (~> 1.1.0)
  radiant-snippets-extension (~> 1.1.3)
  rails (~> 2.3.18)!
  railslts-version!
  railties!
  rake (= 10.4.2)
  rdoc (= 4.2.0)
  ref (= 1.0.5)
  rr
  rspec (= 1.3.2)!
  rspec-rails!
  sanitize (= 2.0.3)
  therubyracer
  whenever (= 0.9.4)
  xero_gateway!

BUNDLED WITH
   1.17.3
