GIT
  remote: git://github.com/enspiral/navigation_tags.git
  revision: 090c4cb3f5e2471cf135d0370592c6970574871d
  specs:
    radiant-navigation_tags-extension (0.2.6)

GIT
  remote: git://github.com/enspiral/radiant-forum-extension.git
  revision: 0e23c7036ee57c88d5753310024dbc5750f66543
  branch: wackamole
  specs:
    radiant-forum-extension (3.0.6)
      acts_as_list (~> 0.1.2)
      radiant-reader-extension (~> 3.0.23)

GIT
  remote: git://github.com/enspiral/radiant-reader-extension.git
  revision: 00f06a7a983511a8e4a3331c3a3329a021f7141a
  specs:
    radiant-reader-extension (3.0.38)
      ancestry (~> 1.2.4)
      authlogic (~> 2.1.6)
      color (>= 1.4.1)
      fastercsv (~> 1.5.4)
      radiant-layouts-extension (~> 1.1.3)
      radiant-mailer_layouts-extension (~> 0.1.1)
      sanitize (~> 2.0.1)
      snail (~> 0.5.5)
      vcard (~> 0.1.1)

GIT
  remote: git://github.com/enspiral/radiant-settings.git
  revision: 205a0af20cd878259f2c7df42d40beadfde33c38
  specs:
    radiant-settings-extension (1.1.2)
      radiant (>= 0.9.1)

GIT
  remote: git://github.com/enspiral/radiant-share-layouts-extension.git
  revision: e62392e917839095da521f6ca4197e600e494cf1
  specs:
    radiant-layouts-extension (1.1.3)
      radiant (>= 0.9.1)

GIT
  remote: git://github.com/enspiral/radiant.git
  revision: dd3f893c8dde790dc68fef86fb59a0517b196378
  branch: 1.0.1-updated-paperclip
  specs:
    radiant (1.0.1)
      RedCloth (~> 4.2.0)
      acts_as_tree (~> 0.1.1)
      bundler (>= 1.0.0)
      compass (~> 0.11.1)
      delocalize (~> 0.2.3)
      haml (~> 3.1.1)
      highline (~> 1.6.10)
      rack (~> 1.1.1)
      rack-cache (~> 1.0.2)
      radiant-archive-extension (~> 1.0.7)
      radiant-clipped-extension (~> 1.1.1)
      radiant-debug-extension (~> 1.0.2)
      radiant-exporter-extension (~> 1.0.2)
      radiant-markdown_filter-extension (~> 1.0.2)
      radiant-sheets-extension (~> 1.0.9)
      radiant-site_templates-extension (~> 1.0.4)
      radiant-smarty_pants_filter-extension (~> 1.0.2)
      radiant-textile_filter-extension (~> 1.0.4)
      radius (~> 0.7.3)
      rails (~> 2.3.14)
      rake (>= 0.8.7)
      rdoc (>= 3.9.2)
      stringex (~> 1.3.0)
      tzinfo (~> 0.3.31)
      will_paginate (~> 2.3.11)

GIT
  remote: git://github.com/jdutil/backup.git
  revision: bca9ab8b05cfaf65e78f069264ca78f5b4231799
  specs:
    backup (3.0.24)
      open4 (~> 1.3.0)
      thor (~> 0.14.6)

GIT
  remote: git@github.com:enspiral/radiant-page_reader_group_permissions-extension.git
  revision: 574a8eae7edf6898c53cc11d23132ee372eb3176
  specs:
    radiant-page_reader_group_permissions-extension (1.1)
      radiant (>= 0.9.1)

GIT
  remote: https://github.com/robguthrie/cucumber-rails.git
  revision: ca9160bd85673d873d0c7e62c5a44a3bb883a170
  branch: v0.3.2fixed
  specs:
    cucumber-rails (0.3.2)
      cucumber (>= 0.8.0)

GEM
  remote: http://rubygems.org/
  specs:
    RedCloth (4.2.9)
    actionmailer (2.3.18)
      actionpack (= 2.3.18)
    actionpack (2.3.18)
      activesupport (= 2.3.18)
      rack (~> 1.1.0)
    activerecord (2.3.18)
      activesupport (= 2.3.18)
    activeresource (2.3.18)
      activesupport (= 2.3.18)
    activesupport (2.3.18)
    acts_as_list (0.1.4)
    acts_as_tree (0.1.1)
    addressable (2.3.4)
    airbrake (3.1.6)
      builder
      girl_friday
    ancestry (1.2.5)
      activerecord (>= 2.2.2)
    authlogic (2.1.9)
      activerecord (~> 2.3.0)
      activesupport (~> 2.3.0)
    bluecloth (2.1.0)
    builder (3.2.2)
    capistrano (2.14.1)
      highline
      net-scp (>= 1.0.0)
      net-sftp (>= 2.0.0)
      net-ssh (>= 2.0.14)
      net-ssh-gateway (>= 1.1.0)
    capybara (1.1.1)
      mime-types (>= 1.16)
      nokogiri (>= 1.3.3)
      rack (>= 1.0.0)
      rack-test (>= 0.5.4)
      selenium-webdriver (~> 2.0)
      xpath (~> 0.1.4)
    childprocess (0.3.9)
      ffi (~> 1.0, >= 1.0.11)
    chronic (0.9.0)
    chunky_png (1.3.1)
    cocaine (0.3.2)
    coffee-script (2.2.0)
      coffee-script-source
      execjs
    coffee-script-source (1.7.0)
    color (1.7.1)
    compass (0.11.7)
      chunky_png (~> 1.2)
      fssm (>= 0.2.7)
      sass (~> 3.1)
    connection_pool (1.0.0)
    cucumber (1.1.0)
      builder (>= 2.1.2)
      diff-lcs (>= 1.1.2)
      gherkin (~> 2.5.0)
      json (>= 1.4.6)
      term-ansicolor (>= 1.0.6)
    database_cleaner (0.9.1)
    delocalize (0.2.6)
    diff-lcs (1.1.3)
    excon (0.7.12)
    execjs (2.0.2)
    fastercsv (1.5.5)
    ffi (1.8.1)
    fog (1.1.0)
      builder
      excon (~> 0.7.4)
      formatador (~> 0.2.0)
      mime-types
      multi_json (~> 1.0.3)
      net-scp (~> 1.0.4)
      net-ssh (>= 2.2.1)
      nokogiri (~> 1.5.0)
      ruby-hmac
    formatador (0.2.5)
    fssm (0.2.10)
    gherkin (2.5.4)
      json (>= 1.4.6)
    girl_friday (0.11.2)
      connection_pool (~> 1.0)
      rubinius-actor
    haml (3.1.8)
    highline (1.6.21)
    hpricot (0.8.6)
    httparty (0.10.0)
      multi_json (~> 1.0)
      multi_xml
    json (1.8.1)
    launchy (2.1.2)
      addressable (~> 2.3)
    mime-types (1.22)
    multi_json (1.0.4)
    multi_xml (0.5.2)
    mysql (2.8.1)
    net-scp (1.0.4)
      net-ssh (>= 1.99.1)
    net-sftp (2.0.5)
      net-ssh (>= 2.0.9)
    net-ssh (2.9.1)
    net-ssh-gateway (1.1.0)
      net-ssh (>= 1.99.1)
    nokogiri (1.5.11)
    open4 (1.3.4)
    paperclip (2.7.5)
      activerecord (>= 2.3.0)
      activesupport (>= 2.3.2)
      cocaine (~> 0.3.0)
      mime-types
    parallel (0.5.21)
    rack (1.1.6)
    rack-cache (1.0.3)
      rack (>= 0.4)
    rack-test (0.6.2)
      rack (>= 1.0)
    radiant-archive-extension (1.0.7)
    radiant-ck_editor_filter-extension (0.2.7)
    radiant-clipped-extension (1.1.1)
      acts_as_list (= 0.1.4)
      cocaine (~> 0.3.2)
      paperclip (~> 2.7.0)
      uuidtools (~> 2.1.2)
    radiant-debug-extension (1.0.2)
    radiant-exporter-extension (1.0.3)
    radiant-mailer-extension (1.0.4)
    radiant-mailer_layouts-extension (0.1.1)
    radiant-markdown_filter-extension (1.0.2)
      bluecloth (~> 2.1.0)
    radiant-reorder_children-extension (1.0.8)
    radiant-scheduler-extension (1.0.0)
    radiant-search-extension (1.0.0)
    radiant-sheets-extension (1.0.11)
      coffee-script (~> 2.2.0)
      sass (~> 3.1.12)
    radiant-site_templates-extension (1.0.6)
    radiant-smarty_pants_filter-extension (1.0.2)
      rubypants (~> 0.2.0)
    radiant-textile_filter-extension (1.0.4)
      RedCloth (~> 4.2.0)
    radius (0.7.4)
    rails (2.3.18)
      actionmailer (= 2.3.18)
      actionpack (= 2.3.18)
      activerecord (= 2.3.18)
      activeresource (= 2.3.18)
      activesupport (= 2.3.18)
      rake (>= 0.8.3)
    rake (10.3.1)
    rdoc (4.1.1)
      json (~> 1.4)
    rr (1.0.4)
    rspec (1.3.2)
    rspec-nc (0.0.3)
      terminal-notifier (~> 1.4.2)
    rspec-rails (1.3.4)
      rack (>= 1.0.0)
      rspec (~> 1.3.1)
    rubinius-actor (0.0.2)
      rubinius-core-api
    rubinius-core-api (0.0.1)
    ruby-hmac (0.4.0)
    rubypants (0.2.0)
    rubyzip (0.9.9)
    sanitize (2.0.3)
      nokogiri (>= 1.4.4, < 1.6)
    sass (3.1.21)
    selenium-webdriver (2.32.1)
      childprocess (>= 0.2.5)
      multi_json (~> 1.0)
      rubyzip
      websocket (~> 1.0.4)
    snail (0.5.7)
    stringex (1.3.3)
    term-ansicolor (1.0.7)
    terminal-notifier (1.4.2)
    thor (0.14.6)
    timecop (0.5.9)
    tzinfo (0.3.39)
    uuidtools (2.1.4)
    vcard (0.1.1)
    webrat (0.7.3)
      nokogiri (>= 1.2.0)
      rack (>= 1.0)
      rack-test (>= 0.5.3)
    websocket (1.0.7)
    whenever (0.8.2)
      activesupport (>= 2.3.4)
      chronic (>= 0.6.3)
    will_paginate (2.3.16)
    xpath (0.1.4)
      nokogiri (~> 1.3)

PLATFORMS
  ruby

DEPENDENCIES
  airbrake
  backup!
  capistrano
  capybara (= 1.1.1)
  cucumber (= 1.1.0)
  cucumber-rails!
  database_cleaner (>= 0.5.0)
  fastercsv
  fog (= 1.1.0)
  hpricot
  httparty
  launchy
  mime-types (= 1.22)
  mysql (~> 2.8.1)
  parallel (~> 0.5.12)
  radiant!
  radiant-ck_editor_filter-extension (~> 0.2.5)
  radiant-forum-extension!
  radiant-layouts-extension!
  radiant-mailer-extension
  radiant-navigation_tags-extension (~> 0.2.6)!
  radiant-page_reader_group_permissions-extension!
  radiant-reader-extension!
  radiant-reorder_children-extension
  radiant-scheduler-extension (~> 1.0.0)
  radiant-search-extension
  radiant-settings-extension (~> 1.1.1)!
  rr
  rspec (= 1.3.2)
  rspec-nc
  rspec-rails (= 1.3.4)
  sanitize (= 2.0.3)
  timecop
  webrat
  whenever
