GIT
  remote: git://github.com/enspiral/radiant-settings.git
  revision: 205a0af20cd878259f2c7df42d40beadfde33c38
  specs:
    radiant-settings-extension (1.1.2)
      radiant (>= 0.9.1)

GIT
  remote: git://github.com/enspiral/radiant-share-layouts-extension.git
  revision: e62392e917839095da521f6ca4197e600e494cf1
  specs:
    radiant-layouts-extension (1.1.3)
      radiant (>= 0.9.1)

GIT
  remote: git://github.com/jdutil/backup.git
  revision: bca9ab8b05cfaf65e78f069264ca78f5b4231799
  specs:
    backup (3.0.24)
      open4 (~> 1.3.0)
      thor (~> 0.14.6)

GIT
  remote: git://github.com/jomz/radiant-reader-extension.git
  revision: 585df68872aad3f29b70453c29ec2e6a57165bfa
  specs:
    radiant-reader-extension (3.0.38)
      ancestry (~> 1.2.4)
      authlogic (~> 2.1.6)
      color (>= 1.4.1)
      fastercsv (~> 1.5.4)
      radiant-layouts-extension (~> 1.1.3)
      radiant-mailer_layouts-extension (~> 0.1.1)
      sanitize (~> 2.0.1)
      snail (~> 0.5.5)
      vcard (~> 0.1.1)

GIT
  remote: git://github.com/nzffa/radiant-downloads-extension.git
  revision: a4cd91bed46edce568cce9a59f065a8f3686a504
  specs:
    radiant-downloads-extension (0.6.0)
      paperclip (~> 2.7.0)

GIT
  remote: git://github.com/nzffa/radiant-forum-extension.git
  revision: 531c544a2500f6daba4bfdfa76d91a7abd7c90c2
  branch: wackamole
  specs:
    radiant-forum-extension (3.0.6)
      acts_as_list (~> 0.1.2)
      radiant-reader-extension (~> 3.0.23)

GIT
  remote: git://github.com/nzffa/radiant-nzffa_conference-extension.git
  revision: e0f6fe00a86f9f0e7c25396b768282d924ee3665
  specs:
    radiant-conference-extension (1.0.0)

GIT
  remote: git://github.com/nzffa/radiant-nzffa_marketplace-extension.git
  revision: 97b8a7f3adcc37319b7edecd22f8ba741f6ec9fd
  specs:
    radiant-marketplace-extension (1.0.1)
      spreadsheet

GIT
  remote: git://github.com/nzffa/radiant-page_reader_group_permissions-extension.git
  revision: f9809dd8121721befda98a2a17cfa21e1c826a98
  specs:
    radiant-page_reader_group_permissions-extension (1.1)
      radiant (>= 0.9.1)

GIT
  remote: git://github.com/nzffa/radiant-scheduler-extension
  revision: 858f287455f10afba21e6a9a6f09df3e2b1ad887
  specs:
    radiant-scheduler-extension (1.0.3)

GEM
  remote: https://rubygems.org/
  specs:
    RedCloth (4.2.9)
    actionmailer (2.3.18)
      actionpack (= 2.3.18)
    actionpack (2.3.18)
      activesupport (= 2.3.18)
      rack (~> 1.1.0)
    activerecord (2.3.18)
      activesupport (= 2.3.18)
    activerecord-mysql2-adapter (0.0.3)
      mysql2
    activeresource (2.3.18)
      activesupport (= 2.3.18)
    activesupport (2.3.18)
    acts_as_list (0.1.4)
    acts_as_tree (0.1.1)
    airbrake (4.1.0)
      builder
      multi_json
    ancestry (1.2.5)
      activerecord (>= 2.2.2)
    authlogic (2.1.11)
      activerecord (~> 2.3.0)
      activesupport (~> 2.3.0)
    builder (3.2.3)
    capistrano (2.14.2)
      highline
      net-scp (>= 1.0.0)
      net-sftp (>= 2.0.0)
      net-ssh (>= 2.0.14)
      net-ssh-gateway (>= 1.1.0)
    chronic (0.10.2)
    chunky_png (1.3.8)
    cocaine (0.3.2)
    coffee-script (2.2.0)
      coffee-script-source
      execjs
    coffee-script-source (1.12.2)
    color (1.8)
    compass (0.12.7)
      chunky_png (~> 1.2)
      fssm (>= 0.2.7)
      sass (~> 3.2.19)
    compass-rails (1.0.3)
      compass (>= 0.12.2, < 0.14)
    delocalize (0.2.6)
    excon (0.7.12)
    execjs (2.0.0)
    fastercsv (1.5.5)
    fog (1.1.0)
      builder
      excon (~> 0.7.4)
      formatador (~> 0.2.0)
      mime-types
      multi_json (~> 1.0.3)
      net-scp (~> 1.0.4)
      net-ssh (>= 2.2.1)
      nokogiri (~> 1.5.0)
      ruby-hmac
    formatador (0.2.5)
    fssm (0.2.10)
    haml (3.1.8)
    highline (1.6.21)
    hpricot (0.8.6)
    httparty (0.10.0)
      multi_json (~> 1.0)
      multi_xml
    json (1.8.6)
    libv8 (3.16.14.19)
    mime-types (1.22)
    multi_json (1.0.4)
    multi_xml (0.6.0)
    mysql2 (0.4.6)
    net-scp (1.0.4)
      net-ssh (>= 1.99.1)
    net-sftp (2.1.2)
      net-ssh (>= 2.6.5)
    net-ssh (2.9.4)
    net-ssh-gateway (1.3.0)
      net-ssh (>= 2.6.5)
    nokogiri (1.5.11)
    open4 (1.3.4)
    paperclip (2.7.5)
      activerecord (>= 2.3.0)
      activesupport (>= 2.3.2)
      cocaine (~> 0.3.0)
      mime-types
    parallel (0.5.21)
    rack (1.1.6)
    rack-cache (1.2)
      rack (>= 0.4)
    radiant (1.1.4)
      RedCloth (~> 4.2.0)
      acts_as_tree (~> 0.1.1)
      bundler (>= 1.0.0)
      compass (~> 0.12.2)
      compass-rails (~> 1.0.3)
      delocalize (~> 0.2.3)
      haml (~> 3.1.1)
      highline (~> 1.6.10)
      rack (~> 1.1.6)
      rack-cache (~> 1.2)
      radius (~> 0.7.3)
      rails (~> 2.3.18)
      rake (>= 0.8.7)
      rdoc (>= 3.9.2)
      stringex (~> 1.3.0)
      tzinfo (~> 0.3.31)
      will_paginate (~> 2.3.11)
    radiant-ck_editor_filter-extension (0.2.9)
    radiant-clipped-extension (1.1.2)
      acts_as_list (= 0.1.4)
      cocaine (~> 0.3.2)
      paperclip (~> 2.7.0)
      uuidtools (~> 2.1.2)
    radiant-copy_move-extension (2.4.8)
      radiant (>= 1.0.0.rc2)
    radiant-find_by_id_tag-extension (1.2.3)
    radiant-find_replace-extension (1.0.6)
    radiant-grandchildren_tags-extension (1.0.0)
    radiant-html_tags-extension (1.0.0)
    radiant-if_date_tags-extension (1.0.2)
    radiant-if_id_tags-extension (1.0.0)
    radiant-linx-extension (1.0.0)
    radiant-mailer-extension (1.0.6)
    radiant-mailer_layouts-extension (0.1.1)
    radiant-navigation_tags-extension (0.2.7)
    radiant-relations-extension (1.2.7)
    radiant-reorder_children-extension (1.0.10)
    radiant-search-extension (1.0.0)
    radiant-sheets-extension (1.1.0)
      coffee-script (~> 2.2.0)
      sass (~> 3.2.1)
    radiant-snippets-extension (1.1.3)
    radius (0.7.4)
    rails (2.3.18)
      actionmailer (= 2.3.18)
      actionpack (= 2.3.18)
      activerecord (= 2.3.18)
      activeresource (= 2.3.18)
      activesupport (= 2.3.18)
      rake (>= 0.8.3)
    rake (10.4.2)
    rdoc (4.2.0)
      json (~> 1.4)
    ref (1.0.5)
    rr (1.2.0)
    ruby-hmac (0.4.0)
    ruby-ole (1.2.12.1)
    sanitize (2.0.3)
      nokogiri (>= 1.4.4, < 1.6)
    sass (3.2.19)
    snail (0.5.7)
    spreadsheet (1.1.7)
      ruby-ole (>= 1.0)
    stringex (1.3.3)
    therubyracer (0.12.3)
      libv8 (~> 3.16.14.15)
      ref
    thor (0.14.6)
    tzinfo (0.3.53)
    uuidtools (2.1.5)
    vcard (0.1.1)
    whenever (0.9.4)
      chronic (>= 0.6.3)
    will_paginate (2.3.17)

PLATFORMS
  ruby

DEPENDENCIES
  RedCloth (~> 4.2.9)
  activerecord-mysql2-adapter
  airbrake (= 4.1.0)
  backup!
  capistrano (~> 2.14.1)
  execjs (= 2.0.0)
  fastercsv
  fog (= 1.1.0)
  hpricot
  httparty (= 0.10.0)
  mime-types (= 1.22)
  multi_json (= 1.0.4)
  mysql2
  net-ssh (= 2.9.4)
  parallel (~> 0.5.12)
  rack-cache (= 1.2)
  radiant (= 1.1.4)
  radiant-ck_editor_filter-extension (~> 0.2.5)
  radiant-clipped-extension (~> 1.1.2)
  radiant-conference-extension!
  radiant-copy_move-extension (~> 2.4.8)
  radiant-downloads-extension!
  radiant-find_by_id_tag-extension (~> 1.2.3)
  radiant-find_replace-extension (~> 1.0.6)
  radiant-forum-extension!
  radiant-grandchildren_tags-extension
  radiant-html_tags-extension
  radiant-if_date_tags-extension (~> 1.0.0)
  radiant-if_id_tags-extension
  radiant-layouts-extension!
  radiant-linx-extension
  radiant-mailer-extension
  radiant-marketplace-extension!
  radiant-navigation_tags-extension (~> 0.2.7)
  radiant-page_reader_group_permissions-extension!
  radiant-reader-extension!
  radiant-relations-extension
  radiant-reorder_children-extension
  radiant-scheduler-extension!
  radiant-search-extension
  radiant-settings-extension (~> 1.1.1)!
  radiant-sheets-extension (~> 1.1.0)
  radiant-snippets-extension (~> 1.1.3)
  rake (= 10.4.2)
  rdoc (= 4.2.0)
  ref (= 1.0.5)
  rr
  sanitize (= 2.0.3)
  therubyracer
  whenever (= 0.9.4)

BUNDLED WITH
   1.16.1
